GEM
  remote: https://rubygems.org/
  specs:
    addressable (2.3.6)
    faraday (0.9.0)
      multipart-post (>= 1.2, < 3)
    identity-toolkit-ruby-client (1.0.1)
      addressable (>= 2.3.2)
      faraday (>= 0.9.0)
      jwt (>= 1.0.0)
      multi_json (>= 1.0.0)
    jwt (1.2.0)
    multi_json (1.10.1)
    multipart-post (2.0.0)
    rack (1.5.2)
    rack-protection (1.5.3)
      rack
    sinatra (1.4.5)
      rack (~> 1.4)
      rack-protection (~> 1.4)
      tilt (~> 1.3, >= 1.3.4)
    tilt (1.4.1)

PLATFORMS
  ruby

DEPENDENCIES
  identity-toolkit-ruby-client (~> 1.0.1)
  sinatra
